GIT
  remote: https://github.com/vanyak/warbler.git
  revision: ae4e162c6cb43a4194697417ff3254ffe48775ef
  specs:
    warbler (1.3.5)
      jruby-jars (>= 1.4.0)
      jruby-rack (>= 1.0.0)
      rake (>= 0.8.7)
      rubyzip (>= 0.9.4)

GEM
  remote: http://rubygems.org/
  specs:
    aequitas (0.0.2)
    backports (2.6.5)
    coderay (1.0.8)
    ffi (1.2.0)
    guard (1.5.4)
      listen (>= 0.4.2)
      lumberjack (>= 1.0.2)
      pry (>= 0.9.10)
      thor (>= 0.14.6)
    guard-minitest (0.5.0)
      guard (>= 0.4)
    i18n (0.6.1)
    jruby-jars (1.7.0)
    jruby-rack (1.1.10)
    json (1.7.5-java)
    listen (0.5.3)
    lumberjack (1.0.2)
    method_source (0.8.1)
    minitest (4.3.0)
    nokogiri (1.5.5-java)
    pry (0.9.10-java)
      coderay (~> 1.0.5)
      method_source (~> 0.8)
      slop (~> 3.3.1)
      spoon (~> 0.0)
    rack (1.4.1)
    rack-protection (1.2.0)
      rack
    rack-test (0.6.2)
      rack (>= 1.0)
    rake (10.0.2)
    rb-fchange (0.0.6)
      ffi
    rb-fsevent (0.9.2)
    rb-inotify (0.8.8)
      ffi (>= 0.5.0)
    redis (3.0.2)
    rubyzip (0.9.9)
    sanitize (2.0.3)
      nokogiri (>= 1.4.4, < 1.6)
    sinatra (1.3.3)
      rack (~> 1.3, >= 1.3.6)
      rack-protection (~> 1.2)
      tilt (~> 1.3, >= 1.3.3)
    slop (3.3.3)
    spoon (0.0.1)
    thor (0.16.0)
    tilt (1.3.3)
    tinto (3.0.2)
      aequitas
      i18n
      json
      redis
      sanitize
      uuidtools
    uuidtools (2.1.3)
    virtus (0.5.2)
      backports (~> 2.6.1)

PLATFORMS
  java

DEPENDENCIES
  aequitas
  guard
  guard-minitest
  i18n
  minitest
  rack-test
  rb-fchange
  rb-fsevent
  rb-inotify
  redis
  sanitize
  sinatra
  tinto (= 3.0.2)
  uuidtools
  virtus
  warbler!
